GEM
  remote: https://rubygems.org/
  specs:
    addressable (2.5.2)
      public_suffix (>= 2.0.2, < 4.0)
    backports (3.11.1)
    dotenv (2.2.1)
    faraday (0.14.0)
      multipart-post (>= 1.2, < 3)
    json (2.1.0)
    koala (3.0.0)
      addressable
      faraday
      json (>= 1.8)
    multi_json (1.13.1)
    multipart-post (2.0.0)
    mustermann (1.0.1)
    public_suffix (3.0.1)
    rack (2.0.3)
    rack-protection (2.0.0)
      rack
    sinatra (2.0.0)
      mustermann (~> 1.0)
      rack (~> 2.0)
      rack-protection (= 2.0.0)
      tilt (~> 2.0)
    sinatra-contrib (2.0.0)
      backports (>= 2.0)
      multi_json
      mustermann (~> 1.0)
      rack-protection (= 2.0.0)
      sinatra (= 2.0.0)
      tilt (>= 1.3, < 3)
    tilt (2.0.8)

PLATFORMS
  ruby

DEPENDENCIES
  dotenv
  koala
  sinatra
  sinatra-contrib

BUNDLED WITH
   1.16.1
